GIT
  remote: git://github.com/jmettraux/ruote.git
  revision: 8f6ef8f1888aa290ec50f213eab47d883b4e5b99
  specs:
    ruote (2.3.1)
      blankslate (= 2.1.2.4)
      parslet (= 1.4.0)
      ruby_parser (~> 2.3)
      rufus-cloche (>= 1.0.2)
      rufus-dollar (>= 1.0.4)
      rufus-json (>= 1.0.1)
      rufus-mnemo (>= 1.2.2)
      rufus-scheduler (>= 2.0.16)
      rufus-treechecker (>= 1.0.8)
      sourcify (= 0.5.0)

GEM
  remote: https://rubygems.org/
  specs:
    actionmailer (3.2.11)
      actionpack (= 3.2.11)
      mail (~> 2.4.4)
    actionpack (3.2.11)
      activemodel (= 3.2.11)
      activesupport (= 3.2.11)
      builder (~> 3.0.0)
      erubis (~> 2.7.0)
      journey (~> 1.0.4)
      rack (~> 1.4.0)
      rack-cache (~> 1.2)
      rack-test (~> 0.6.1)
      sprockets (~> 2.2.1)
    activemodel (3.2.11)
      activesupport (= 3.2.11)
      builder (~> 3.0.0)
    activerecord (3.2.11)
      activemodel (= 3.2.11)
      activesupport (= 3.2.11)
      arel (~> 3.0.2)
      tzinfo (~> 0.3.29)
    activeresource (3.2.11)
      activemodel (= 3.2.11)
      activesupport (= 3.2.11)
    activesupport (3.2.11)
      i18n (~> 0.6)
      multi_json (~> 1.0)
    addressable (2.3.2)
    arel (3.0.2)
    bcrypt-ruby (3.0.1)
    blankslate (2.1.2.4)
    bson (1.8.1)
    bson_ext (1.8.1)
      bson (~> 1.8.1)
    builder (3.0.4)
    cancan (1.6.8)
    coffee-rails (3.2.2)
      coffee-script (>= 2.2.0)
      railties (~> 3.2.0)
    coffee-script (2.2.0)
      coffee-script-source
      execjs
    coffee-script-source (1.4.0)
    commonjs (0.2.6)
    cookiejar (0.3.0)
    daemons (1.1.9)
    database_cleaner (0.9.1)
    delayed_job (3.0.4)
      activesupport (~> 3.0)
    delayed_job_mongoid (2.0.0)
      delayed_job (~> 3.0)
      mongoid (~> 3.0)
    devise (2.1.2)
      bcrypt-ruby (~> 3.0)
      orm_adapter (~> 0.1)
      railties (~> 3.1)
      warden (~> 1.2.1)
    diff-lcs (1.1.3)
    em-http-request (1.0.3)
      addressable (>= 2.2.3)
      cookiejar
      em-socksify
      eventmachine (>= 1.0.0.beta.4)
      http_parser.rb (>= 0.5.3)
    em-socksify (0.2.1)
      eventmachine (>= 1.0.0.beta.4)
    erubis (2.7.0)
    eventmachine (1.0.0)
    execjs (1.4.0)
      multi_json (~> 1.0)
    factory_girl (4.1.0)
      activesupport (>= 3.0.0)
    factory_girl_rails (4.1.0)
      factory_girl (~> 4.1.0)
      railties (>= 3.0.0)
    faye (0.8.6)
      cookiejar (>= 0.3.0)
      em-http-request (>= 0.3.0)
      eventmachine (>= 0.12.0)
      faye-websocket (>= 0.4.0)
      rack (>= 1.0.0)
      yajl-ruby (>= 1.0.0)
    faye-websocket (0.4.6)
      eventmachine (>= 0.12.0)
    file-tail (1.0.12)
      tins (~> 0.5)
    git (1.2.5)
    hike (1.2.1)
    http_parser.rb (0.5.3)
    i18n (0.6.1)
    journey (1.0.4)
    json (1.7.6)
    kaminari (0.14.1)
      actionpack (>= 3.0.0)
      activesupport (>= 3.0.0)
    kindergarten (0.1.1)
      activesupport (> 3)
      cancan (~> 1.6.8)
      rufus-json
    less (2.2.2)
      commonjs (~> 0.2.6)
    less-rails (2.2.6)
      actionpack (>= 3.1)
      less (~> 2.2.0)
    less-rails-bootstrap (2.2.0)
      less-rails (~> 2.2.0)
    libv8 (3.3.10.4)
    mail (2.4.4)
      i18n (>= 0.4.0)
      mime-types (~> 1.16)
      treetop (~> 1.4.8)
    mime-types (1.19)
    mongoid (3.0.16)
      activemodel (~> 3.1)
      moped (~> 1.1)
      origin (~> 1.0)
      tzinfo (~> 0.3.22)
    mongoid-rspec (1.5.5)
      mongoid (>= 3.0.1)
      rake
      rspec (>= 2.9)
    moped (1.3.2)
    multi_json (1.5.0)
    origin (1.0.11)
    orm_adapter (0.4.0)
    parslet (1.4.0)
      blankslate (~> 2.0)
    polyglot (0.3.3)
    prototype-rails (3.2.1)
      rails (~> 3.2)
    rack (1.4.3)
    rack-cache (1.2)
      rack (>= 0.4)
    rack-ssl (1.3.2)
      rack
    rack-test (0.6.2)
      rack (>= 1.0)
    rails (3.2.11)
      actionmailer (= 3.2.11)
      actionpack (= 3.2.11)
      activerecord (= 3.2.11)
      activeresource (= 3.2.11)
      activesupport (= 3.2.11)
      bundler (~> 1.0)
      railties (= 3.2.11)
    railties (3.2.11)
      actionpack (= 3.2.11)
      activesupport (= 3.2.11)
      rack-ssl (~> 1.3.2)
      rake (>= 0.8.7)
      rdoc (~> 3.4)
      thor (>= 0.14.6, < 2.0)
    rake (10.0.3)
    rdoc (3.12)
      json (~> 1.4)
    rspec (2.12.0)
      rspec-core (~> 2.12.0)
      rspec-expectations (~> 2.12.0)
      rspec-mocks (~> 2.12.0)
    rspec-core (2.12.2)
    rspec-expectations (2.12.1)
      diff-lcs (~> 1.1.3)
    rspec-mocks (2.12.1)
    rspec-rails (2.12.0)
      actionpack (>= 3.0)
      activesupport (>= 3.0)
      railties (>= 3.0)
      rspec-core (~> 2.12.0)
      rspec-expectations (~> 2.12.0)
      rspec-mocks (~> 2.12.0)
    ruby2ruby (1.3.1)
      ruby_parser (~> 2.0)
      sexp_processor (~> 3.0)
    ruby_parser (2.3.1)
      sexp_processor (~> 3.0)
    rufus-cloche (1.0.2)
      rufus-json (>= 1.0.1)
    rufus-dollar (1.0.4)
    rufus-json (1.0.2)
    rufus-mnemo (1.2.3)
    rufus-scheduler (2.0.17)
      tzinfo (>= 0.3.23)
    rufus-treechecker (1.0.8)
      ruby_parser (>= 2.0.5)
    sexp_processor (3.2.0)
    sourcify (0.5.0)
      file-tail (>= 1.0.5)
      ruby2ruby (>= 1.2.5)
      ruby_parser (>= 2.0.5)
      sexp_processor (>= 3.0.5)
    sprockets (2.2.2)
      hike (~> 1.2)
      multi_json (~> 1.0)
      rack (~> 1.0)
      tilt (~> 1.1, != 1.3.0)
    therubyracer (0.10.0)
      libv8 (~> 3.3.10)
    thin (1.5.0)
      daemons (>= 1.0.9)
      eventmachine (>= 0.12.6)
      rack (>= 1.0.0)
    thor (0.16.0)
    tilt (1.3.3)
    tins (0.6.0)
    treetop (1.4.12)
      polyglot
      polyglot (>= 0.3.1)
    turbolinks (0.6.1)
      coffee-rails
    tzinfo (0.3.35)
    uglifier (1.3.0)
      execjs (>= 0.3.0)
      multi_json (~> 1.0, >= 1.0.2)
    warden (1.2.1)
      rack (>= 1.0)
    yajl-ruby (1.1.0)

PLATFORMS
  ruby

DEPENDENCIES
  bcrypt-ruby (~> 3.0.0)
  bson_ext
  daemons
  database_cleaner
  delayed_job_mongoid
  devise
  factory_girl_rails
  faye
  git
  kaminari
  kindergarten
  less-rails (~> 2.2.6)
  less-rails-bootstrap
  mongoid (~> 3.0)
  mongoid-rspec
  prototype-rails
  rails (= 3.2.11)
  rspec-rails
  ruote!
  therubyracer (= 0.10)
  thin
  turbolinks
  uglifier (>= 1.0.3)
